PATH
  remote: .
  specs:
    impulse_view_components (0.1.3)
      actionview (>= 6.1.0)
      view_component (~> 3.4)

GEM
  remote: https://rubygems.org/
  specs:
    actionpack (7.0.6)
      actionview (= 7.0.6)
      activesupport (= 7.0.6)
      rack (~> 2.0, >= 2.2.4)
      rack-test (>= 0.6.3)
      rails-dom-testing (~> 2.0)
      rails-html-sanitizer (~> 1.0, >= 1.2.0)
    actionview (7.0.6)
      activesupport (= 7.0.6)
      builder (~> 3.1)
      erubi (~> 1.4)
      rails-dom-testing (~> 2.0)
      rails-html-sanitizer (~> 1.1, >= 1.2.0)
    activemodel (7.0.6)
      activesupport (= 7.0.6)
    activerecord (7.0.6)
      activemodel (= 7.0.6)
      activesupport (= 7.0.6)
    activesupport (7.0.6)
      concurrent-ruby (~> 1.0, >= 1.0.2)
      i18n (>= 1.6, < 2)
      minitest (>= 5.1)
      tzinfo (~> 2.0)
    addressable (2.8.4)
      public_suffix (>= 2.0.2, < 6.0)
    ast (2.4.2)
    backport (1.2.0)
    benchmark (0.2.1)
    bootsnap (1.16.0)
      msgpack (~> 1.2)
    builder (3.2.4)
    byebug (11.1.3)
    capybara (3.39.2)
      addressable
      matrix
      mini_mime (>= 0.1.3)
      nokogiri (~> 1.8)
      rack (>= 1.6.0)
      rack-test (>= 0.6.3)
      regexp_parser (>= 1.5, < 3.0)
      xpath (~> 3.2)
    concurrent-ruby (1.2.2)
    crack (0.4.5)
      rexml
    crass (1.0.6)
    css_parser (1.14.0)
      addressable
    diff-lcs (1.5.0)
    e2mmap (0.1.0)
    erubi (1.12.0)
    hashdiff (1.0.1)
    htmlbeautifier (1.4.2)
    htmlentities (4.3.4)
    i18n (1.14.1)
      concurrent-ruby (~> 1.0)
    jaro_winkler (1.5.6)
    json (2.6.3)
    kramdown (2.4.0)
      rexml
    kramdown-parser-gfm (1.1.0)
      kramdown (~> 2.0)
    language_server-protocol (3.17.0.3)
    lint_roller (1.1.0)
    loofah (2.21.3)
      crass (~> 1.0.2)
      nokogiri (>= 1.12.0)
    lookbook (2.0.5)
      activemodel
      css_parser
      htmlbeautifier (~> 1.3)
      htmlentities (~> 4.3.4)
      marcel (~> 1.0)
      railties (>= 5.0)
      redcarpet (~> 3.5)
      rouge (>= 3.26, < 5.0)
      view_component (>= 2.0)
      yard (~> 0.9.25)
      zeitwerk (~> 2.5)
    marcel (1.0.2)
    matrix (0.4.2)
    method_source (1.0.0)
    mini_mime (1.1.2)
    minitest (5.18.1)
    msgpack (1.7.2)
    nio4r (2.5.9)
    nokogiri (1.15.3-x86_64-linux)
      racc (~> 1.4)
    parallel (1.23.0)
    parser (3.2.2.3)
      ast (~> 2.4.1)
      racc
    public_suffix (5.0.3)
    puma (6.3.0)
      nio4r (~> 2.0)
    racc (1.7.1)
    rack (2.2.7)
    rack-test (2.1.0)
      rack (>= 1.3)
    rails-dom-testing (2.1.1)
      activesupport (>= 5.0.0)
      minitest
      nokogiri (>= 1.6)
    rails-html-sanitizer (1.6.0)
      loofah (~> 2.21)
      nokogiri (~> 1.14)
    railties (7.0.6)
      actionpack (= 7.0.6)
      activesupport (= 7.0.6)
      method_source
      rake (>= 12.2)
      thor (~> 1.0)
      zeitwerk (~> 2.5)
    rainbow (3.1.1)
    rake (13.0.6)
    rbs (2.8.4)
    redcarpet (3.6.0)
    regexp_parser (2.8.1)
    reverse_markdown (2.1.1)
      nokogiri
    rexml (3.2.5)
    rouge (4.1.2)
    rspec (3.12.0)
      rspec-core (~> 3.12.0)
      rspec-expectations (~> 3.12.0)
      rspec-mocks (~> 3.12.0)
    rspec-core (3.12.2)
      rspec-support (~> 3.12.0)
    rspec-expectations (3.12.3)
      diff-lcs (>= 1.2.0, < 2.0)
      rspec-support (~> 3.12.0)
    rspec-mocks (3.12.6)
      diff-lcs (>= 1.2.0, < 2.0)
      rspec-support (~> 3.12.0)
    rspec-support (3.12.1)
    rubocop (1.52.1)
      json (~> 2.3)
      parallel (~> 1.10)
      parser (>= 3.2.2.3)
      rainbow (>= 2.2.2, < 4.0)
      regexp_parser (>= 1.8, < 3.0)
      rexml (>= 3.2.5, < 4.0)
      rubocop-ast (>= 1.28.0, < 2.0)
      ruby-progressbar (~> 1.7)
      unicode-display_width (>= 2.4.0, < 3.0)
    rubocop-ast (1.29.0)
      parser (>= 3.2.1.0)
    rubocop-performance (1.18.0)
      rubocop (>= 1.7.0, < 2.0)
      rubocop-ast (>= 0.4.0)
    ruby-progressbar (1.13.0)
    rubyzip (2.3.2)
    selenium-webdriver (4.10.0)
      rexml (~> 3.2, >= 3.2.5)
      rubyzip (>= 1.2.2, < 3.0)
      websocket (~> 1.0)
    solargraph (0.49.0)
      backport (~> 1.2)
      benchmark
      bundler (~> 2.0)
      diff-lcs (~> 1.4)
      e2mmap
      jaro_winkler (~> 1.5)
      kramdown (~> 2.3)
      kramdown-parser-gfm (~> 1.1)
      parser (~> 3.0)
      rbs (~> 2.0)
      reverse_markdown (~> 2.0)
      rubocop (~> 1.38)
      thor (~> 1.0)
      tilt (~> 2.0)
      yard (~> 0.9, >= 0.9.24)
    solargraph-standardrb (0.0.4)
      solargraph (>= 0.39.1)
      standard (>= 0.4.1)
    sprockets (4.2.0)
      concurrent-ruby (~> 1.0)
      rack (>= 2.2.4, < 4)
    sprockets-rails (3.4.2)
      actionpack (>= 5.2)
      activesupport (>= 5.2)
      sprockets (>= 3.0.0)
    sqlite3 (1.6.3-x86_64-linux)
    standard (1.30.1)
      language_server-protocol (~> 3.17.0.2)
      lint_roller (~> 1.0)
      rubocop (~> 1.52.0)
      standard-custom (~> 1.0.0)
      standard-performance (~> 1.1.0)
    standard-custom (1.0.2)
      lint_roller (~> 1.0)
      rubocop (~> 1.50)
    standard-performance (1.1.2)
      lint_roller (~> 1.1)
      rubocop-performance (~> 1.18.0)
    thor (1.2.2)
    tilt (2.2.0)
    tzinfo (2.0.6)
      concurrent-ruby (~> 1.0)
    unicode-display_width (2.4.2)
    view_component (3.4.0)
      activesupport (>= 5.2.0, < 8.0)
      concurrent-ruby (~> 1.0)
      method_source (~> 1.0)
    webmock (3.18.1)
      addressable (>= 2.8.0)
      crack (>= 0.3.2)
      hashdiff (>= 0.4.0, < 2.0.0)
    websocket (1.2.9)
    xpath (3.2.0)
      nokogiri (~> 1.8)
    yard (0.9.34)
    zeitwerk (2.6.8)

PLATFORMS
  x86_64-linux

DEPENDENCIES
  actionview (>= 6.1)
  activerecord (>= 6.1)
  activesupport (>= 6.1)
  bootsnap
  byebug (~> 11.1, >= 11.1.3)
  capybara (~> 3.39, >= 3.39.2)
  impulse_view_components!
  lookbook (~> 2.0, >= 2.0.5)
  puma (~> 6.3)
  railties (>= 6.1)
  rake (~> 13.0)
  rspec (~> 3.0)
  selenium-webdriver (~> 4.10)
  solargraph-standardrb
  sprockets
  sprockets-rails
  sqlite3 (~> 1.4)
  standard (~> 1.3)
  webmock (~> 3.18, >= 3.18.1)

BUNDLED WITH
   2.4.1
